GEM
  remote: https://rubygems.org/
  specs:
    rmagick (2.15.2)
    tco (0.1.6)

PLATFORMS
  ruby

DEPENDENCIES
  rmagick
  tco
